GEM
  remote: https://rubygems.org/
  specs:
    activesupport (3.2.3)
      i18n (~> 0.6)
      multi_json (~> 1.0)
    amq-protocol (1.9.2)
    bunny (1.1.3)
      amq-protocol (>= 1.9.2)
    celluloid (0.15.2)
      timers (~> 1.1.0)
    dotenv (0.10.0)
    foreman (0.63.0)
      dotenv (>= 0.7)
      thor (>= 0.13.6)
    haml (3.1.6)
    i18n (0.6.9)
    json (1.5.4)
    mail (2.5.4)
      mime-types (~> 1.16)
      treetop (~> 1.4.8)
    mime-types (1.25)
    multi_json (1.8.4)
    pg (0.17.1)
    polyglot (0.3.4)
    pony (1.8)
      mail (>= 2.0)
    puma (2.7.1)
      rack (>= 1.1, < 2.0)
    rack (1.5.2)
    rack-protection (1.5.2)
      rack
    sequel (4.7.0)
    sinatra (1.4.2)
      rack (~> 1.5, >= 1.5.2)
      rack-protection (~> 1.4)
      tilt (~> 1.3, >= 1.3.4)
    sucker_punch (1.0.2)
      celluloid (~> 0.15.1)
    thor (0.18.1)
    tilt (1.4.1)
    timers (1.1.0)
    treetop (1.4.15)
      polyglot
      polyglot (>= 0.3.1)

PLATFORMS
  ruby

DEPENDENCIES
  activesupport (= 3.2.3)
  bunny (~> 1.1.0)
  celluloid (~> 0.15.2)
  foreman (= 0.63.0)
  haml (= 3.1.6)
  json (= 1.5.4)
  pg (~> 0.17.1)
  pg_jruby
  pony (~> 1.4)
  puma (= 2.7.1)
  sequel (~> 4.7.0)
  sinatra (= 1.4.2)
  sucker_punch (~> 1.0)
